GEM
  remote: https://rubygems.org/
  specs:
    birch (0.0.8)
    engtagger (0.1.2)
    mime-types (1.25)
    progressbar (0.21.0)
    rubyzip (1.1.0)
    rubyzip2 (2.0.2)
    rwordnet (0.1.3)
    schiphol (0.9.4)
      progressbar (>= 0.10.0)
      rubyzip (>= 0.9.6.1)
    test-unit (2.5.5)
    treat (2.0.7)
      birch
      schiphol
      yomu
    uea-stemmer (0.10.1)
    yomu (0.1.9)
      mime-types (~> 1.23)

PLATFORMS
  ruby
  x86-mingw32

DEPENDENCIES
  engtagger
  rubyzip2
  rwordnet
  test-unit
  treat
  uea-stemmer
