GEM
  remote: https://rubygems.org/
  specs:
    birch (0.0.8)
    loggability (0.8.1)
    mime-types (1.25)
    progressbar (0.21.0)
    rubyzip (1.1.0)
    rubyzip2 (2.0.2)
    schiphol (0.9.4)
      progressbar (>= 0.10.0)
      rubyzip (>= 0.9.6.1)
    sequel (3.48.0)
    sqlite3 (1.3.8)
    test-unit (2.5.5)
    treat (2.0.7)
      birch
      schiphol
      yomu
    uea-stemmer (0.10.1)
    wordnet (1.0.0)
      loggability (~> 0.5)
      sequel (~> 3.38)
    wordnet-defaultdb (1.0.1)
      sqlite3 (~> 1.3)
      wordnet (~> 1.0.0.pre)
    yomu (0.1.9)
      mime-types (~> 1.23)

PLATFORMS
  ruby
  x86-mingw32

DEPENDENCIES
  rubyzip2
  test-unit
  treat
  uea-stemmer
  wordnet
  wordnet-defaultdb
