GEM
  remote: https://rubygems.org/
  specs:
    test-unit (2.5.5)

PLATFORMS
  x86-mingw32

DEPENDENCIES
  test-unit
